GEM
  remote: https://rubygems.org/
  specs:
    activesupport (6.0.3.1)
      concurrent-ruby (~> 1.0, >= 1.0.2)
      i18n (>= 0.7, < 2)
      minitest (~> 5.1)
      tzinfo (~> 1.1)
    ast (2.4.1)
    childprocess (3.0.0)
    concurrent-ruby (1.1.7)
    ffi (1.13.1)
    ffi (1.13.1-x64-mingw32)
    i18n (1.8.5)
      concurrent-ruby (~> 1.0)
    minitest (5.14.1)
    parallel (1.19.2)
    parser (2.7.1.4)
      ast (~> 2.4.1)
    jaro_winkler (1.5.4)
    rainbow (3.0.0)
    regexp_parser (1.7.1)
    retries (0.0.5)
    rexml (3.2.4)
    rubocop (0.89.1)
      parallel (~> 1.10)
      parser (>= 2.7.1.1)
      rainbow (>= 2.2.2, < 4.0)
      regexp_parser (>= 1.7)
      rexml
      rubocop-ast (>= 0.3.0, < 1.0)
      ruby-progressbar (~> 1.7)
      unicode-display_width (>= 1.4.0, < 2.0)
    rubocop-ast (0.3.0)
      parser (>= 2.7.1.4)
    ruby-progressbar (1.10.1)
    rubyzip (2.3.0)
    selenium-webdriver (3.142.7)
      childprocess (>= 0.5, < 4.0)
      rubyzip (>= 1.2.2)
    thread_safe (0.3.6)
    tzinfo (1.2.7)
      thread_safe (~> 0.1)
    unicode-display_width (1.7.0)
    zeitwerk (2.3.0)

PLATFORMS
  ruby
  x64-mingw32

DEPENDENCIES
  activesupport
  ffi
  retries
  rubocop
  selenium-webdriver (~> 3.142)

BUNDLED WITH
   2.1.4
